GEM
  specs:
    rb-readline (0.5.5)

PLATFORMS
  ruby

DEPENDENCIES
  rb-readline

BUNDLED WITH
   2.0.1
